GEM
  remote: https://rubygems.org/
  specs:
    awesome_print (1.9.2)
    curses (1.4.0)

PLATFORMS
  ruby

DEPENDENCIES
  awesome_print
  curses

RUBY VERSION
   ruby 2.7.2p137

BUNDLED WITH
   2.1.4
