GEM
  remote: https://rubygems.org/
  specs:
    curses (1.4.0)

PLATFORMS
  ruby

DEPENDENCIES
  curses

RUBY VERSION
   ruby 2.7.2p137

BUNDLED WITH
   2.1.4
